PATH
  remote: .
  specs:
    console_helpers (0.1.0)
      method_looker_upper
      quick_records
      reloader_hooks
      responsive_console
      rubymine_version
      scrat
      shared_helpers
      svg_analyzer
    method_looker_upper (0.1.0)
      rails (>= 4.2)
      responsive_console
      shared_helpers
    quick_records (0.1.0)
      rails (>= 4.2)
      responsive_console
      shared_helpers
    reloader_hooks (0.1.0)
      rails (>= 4.2)
    responsive_console (0.1.0)
      rails (~> 6.1.1)
    rubymine_version (0.1.0)
      rails (>= 4.2)
    scrat (0.1.0)
      rails (>= 4.2)
      rubymine_version
      shared_helpers
    shared_helpers (0.1.0)
      rails (>= 4.2)
    svg_analyzer (0.1.0)
      rails (>= 4.2)
      shared_helpers

GEM
  remote: https://rubygems.org/
  specs:
    actioncable (6.1.1)
      actionpack (= 6.1.1)
      activesupport (= 6.1.1)
      nio4r (~> 2.0)
      websocket-driver (>= 0.6.1)
    actionmailbox (6.1.1)
      actionpack (= 6.1.1)
      activejob (= 6.1.1)
      activerecord (= 6.1.1)
      activestorage (= 6.1.1)
      activesupport (= 6.1.1)
      mail (>= 2.7.1)
    actionmailer (6.1.1)
      actionpack (= 6.1.1)
      actionview (= 6.1.1)
      activejob (= 6.1.1)
      activesupport (= 6.1.1)
      mail (~> 2.5, >= 2.5.4)
      rails-dom-testing (~> 2.0)
    actionpack (6.1.1)
      actionview (= 6.1.1)
      activesupport (= 6.1.1)
      rack (~> 2.0, >= 2.0.9)
      rack-test (>= 0.6.3)
      rails-dom-testing (~> 2.0)
      rails-html-sanitizer (~> 1.0, >= 1.2.0)
    actiontext (6.1.1)
      actionpack (= 6.1.1)
      activerecord (= 6.1.1)
      activestorage (= 6.1.1)
      activesupport (= 6.1.1)
      nokogiri (>= 1.8.5)
    actionview (6.1.1)
      activesupport (= 6.1.1)
      builder (~> 3.1)
      erubi (~> 1.4)
      rails-dom-testing (~> 2.0)
      rails-html-sanitizer (~> 1.1, >= 1.2.0)
    activejob (6.1.1)
      activesupport (= 6.1.1)
      globalid (>= 0.3.6)
    activemodel (6.1.1)
      activesupport (= 6.1.1)
    activerecord (6.1.1)
      activemodel (= 6.1.1)
      activesupport (= 6.1.1)
    activestorage (6.1.1)
      actionpack (= 6.1.1)
      activejob (= 6.1.1)
      activerecord (= 6.1.1)
      activesupport (= 6.1.1)
      marcel (~> 0.3.1)
      mimemagic (~> 0.3.2)
    activesupport (6.1.1)
      concurrent-ruby (~> 1.0, >= 1.0.2)
      i18n (>= 1.6, < 2)
      minitest (>= 5.1)
      tzinfo (~> 2.0)
      zeitwerk (~> 2.3)
    ast (2.4.2)
    builder (3.2.4)
    concurrent-ruby (1.1.7)
    crass (1.0.6)
    erubi (1.11.0)
    globalid (1.0.0)
      activesupport (>= 5.0)
    i18n (1.8.7)
      concurrent-ruby (~> 1.0)
    json (2.6.2)
    loofah (2.19.0)
      crass (~> 1.0.2)
      nokogiri (>= 1.5.9)
    mail (2.7.1)
      mini_mime (>= 0.1.1)
    marcel (0.3.3)
      mimemagic (~> 0.3.2)
    method_source (1.0.0)
    mimemagic (0.3.5)
    mini_mime (1.1.2)
    minitest (5.14.3)
    nio4r (2.5.8)
    nokogiri (1.13.9-x86_64-darwin)
      racc (~> 1.4)
    parallel (1.22.1)
    parser (3.1.2.0)
      ast (~> 2.4.1)
    racc (1.6.0)
    rack (2.2.3)
    rack-test (2.0.2)
      rack (>= 1.3)
    rails (6.1.1)
      actioncable (= 6.1.1)
      actionmailbox (= 6.1.1)
      actionmailer (= 6.1.1)
      actionpack (= 6.1.1)
      actiontext (= 6.1.1)
      actionview (= 6.1.1)
      activejob (= 6.1.1)
      activemodel (= 6.1.1)
      activerecord (= 6.1.1)
      activestorage (= 6.1.1)
      activesupport (= 6.1.1)
      bundler (>= 1.15.0)
      railties (= 6.1.1)
      sprockets-rails (>= 2.0.0)
    rails-dom-testing (2.0.3)
      activesupport (>= 4.2.0)
      nokogiri (>= 1.6)
    rails-html-sanitizer (1.4.3)
      loofah (~> 2.3)
    railties (6.1.1)
      actionpack (= 6.1.1)
      activesupport (= 6.1.1)
      method_source
      rake (>= 0.8.7)
      thor (~> 1.0)
    rainbow (3.1.1)
    rake (13.0.6)
    regexp_parser (1.8.2)
    rexml (3.2.5)
    rubocop (1.32.0)
      json (~> 2.3)
      parallel (~> 1.10)
      parser (>= 3.1.0.0)
      rainbow (>= 2.2.2, < 4.0)
      regexp_parser (>= 1.8, < 3.0)
      rexml (>= 3.2.5, < 4.0)
      rubocop-ast (>= 1.19.1, < 2.0)
      ruby-progressbar (~> 1.7)
      unicode-display_width (>= 1.4.0, < 3.0)
    rubocop-ast (1.19.1)
      parser (>= 3.1.1.0)
    rubocop-rails (2.15.2)
      activesupport (>= 4.2.0)
      rack (>= 1.1)
      rubocop (>= 1.7.0, < 2.0)
    ruby-progressbar (1.11.0)
    sprockets (4.1.1)
      concurrent-ruby (~> 1.0)
      rack (> 1, < 3)
    sprockets-rails (3.4.2)
      actionpack (>= 5.2)
      activesupport (>= 5.2)
      sprockets (>= 3.0.0)
    sqlite3 (1.4.2)
    thor (1.2.1)
    tzinfo (2.0.4)
      concurrent-ruby (~> 1.0)
    unicode-display_width (2.2.0)
    websocket-driver (0.7.5)
      websocket-extensions (>= 0.1.0)
    websocket-extensions (0.1.5)
    zeitwerk (2.4.2)

PLATFORMS
  ruby

DEPENDENCIES
  console_helpers!
  rubocop
  rubocop-rails
  sqlite3

BUNDLED WITH
   1.17.2
